PATH
  remote: .
  specs:
    cavy (0.0.1)
      bcrypt-ruby (~> 3.1.2)
      carrierwave
      coffee-script
      garb
      haml
      jquery-rails
      mini_magick
      rails (~> 4.0.0)

GEM
  remote: https://rubygems.org/
  specs:
    actionmailer (4.0.1)
      actionpack (= 4.0.1)
      mail (~> 2.5.4)
    actionpack (4.0.1)
      activesupport (= 4.0.1)
      builder (~> 3.1.0)
      erubis (~> 2.7.0)
      rack (~> 1.5.2)
      rack-test (~> 0.6.2)
    activemodel (4.0.1)
      activesupport (= 4.0.1)
      builder (~> 3.1.0)
    activerecord (4.0.1)
      activemodel (= 4.0.1)
      activerecord-deprecated_finders (~> 1.0.2)
      activesupport (= 4.0.1)
      arel (~> 4.0.0)
    activerecord-deprecated_finders (1.0.3)
    activesupport (4.0.1)
      i18n (~> 0.6, >= 0.6.4)
      minitest (~> 4.2)
      multi_json (~> 1.3)
      thread_safe (~> 0.1)
      tzinfo (~> 0.3.37)
    addressable (2.3.5)
    arel (4.0.1)
    atomic (1.1.14)
    bcrypt-ruby (3.1.2)
    better_errors (1.0.1)
      coderay (>= 1.0.0)
      erubis (>= 2.6.6)
    binding_of_caller (0.7.2)
      debug_inspector (>= 0.0.1)
    bson (2.2.1)
    builder (3.1.4)
    callsite (0.0.11)
    capybara (2.1.0)
      mime-types (>= 1.16)
      nokogiri (>= 1.3.3)
      rack (>= 1.0.0)
      rack-test (>= 0.5.4)
      xpath (~> 2.0)
    carrierwave (0.9.0)
      activemodel (>= 3.2.0)
      activesupport (>= 3.2.0)
      json (>= 1.7)
    coderay (1.1.0)
    coffee-script (2.2.0)
      coffee-script-source
      execjs
    coffee-script-source (1.6.3)
    connection_pool (1.2.0)
    coveralls (0.7.0)
      multi_json (~> 1.3)
      rest-client
      simplecov (>= 0.7)
      term-ansicolor
      thor
    crack (0.4.1)
      safe_yaml (~> 0.9.0)
    database_cleaner (1.2.0)
    debug_inspector (0.0.2)
    diff-lcs (1.2.5)
    docile (1.1.0)
    erubis (2.7.0)
    execjs (2.0.2)
    factory_girl (4.3.0)
      activesupport (>= 3.0.0)
    factory_girl_rails (4.3.0)
      factory_girl (~> 4.3.0)
      railties (>= 3.0.0)
    garb (0.9.1)
      activesupport (>= 2.2.0)
      crack (>= 0.1.6)
    haml (4.0.4)
      tilt
    hike (1.2.3)
    i18n (0.6.5)
    jquery-rails (3.0.4)
      railties (>= 3.0, < 5.0)
      thor (>= 0.14, < 2.0)
    jquery-ui-rails (4.2.0)
      railties (>= 3.2.16)
    json (1.8.1)
    kgio (2.8.1)
    launchy (2.4.0)
      addressable (~> 2.3)
    mail (2.5.4)
      mime-types (~> 1.16)
      treetop (~> 1.4.8)
    meta_request (0.2.8)
      callsite
      rack-contrib
      railties
    method_source (0.8.2)
    mime-types (1.25)
    mini_magick (3.6.0)
      subexec (~> 0.2.1)
    mini_portile (0.5.2)
    minitest (4.7.5)
    mongoid (4.0.0.beta1)
      activemodel (>= 4.0.0)
      moped (~> 2.0.beta6)
      origin (~> 2.1)
      tzinfo (>= 0.3.37)
    moped (2.0.0.beta6)
      bson (~> 2.2)
      connection_pool (~> 1.2)
      optionable (~> 0.2.0)
    multi_json (1.8.2)
    nokogiri (1.6.0)
      mini_portile (~> 0.5.0)
    optionable (0.2.0)
    origin (2.1.0)
    polyglot (0.3.3)
    pry (0.9.12.6)
      coderay (~> 1.0)
      method_source (~> 0.8)
      slop (~> 3.4)
    rack (1.5.2)
    rack-contrib (1.1.0)
      rack (>= 0.9.1)
    rack-test (0.6.2)
      rack (>= 1.0)
    rails (4.0.1)
      actionmailer (= 4.0.1)
      actionpack (= 4.0.1)
      activerecord (= 4.0.1)
      activesupport (= 4.0.1)
      bundler (>= 1.3.0, < 2.0)
      railties (= 4.0.1)
      sprockets-rails (~> 2.0.0)
    railties (4.0.1)
      actionpack (= 4.0.1)
      activesupport (= 4.0.1)
      rake (>= 0.8.7)
      thor (>= 0.18.1, < 2.0)
    raindrops (0.12.0)
    rake (10.1.0)
    rest-client (1.6.7)
      mime-types (>= 1.16)
    rspec-core (2.13.1)
    rspec-expectations (2.13.0)
      diff-lcs (>= 1.1.3, < 2.0)
    rspec-mocks (2.13.1)
    rspec-rails (2.13.2)
      actionpack (>= 3.0)
      activesupport (>= 3.0)
      railties (>= 3.0)
      rspec-core (~> 2.13.0)
      rspec-expectations (~> 2.13.0)
      rspec-mocks (~> 2.13.0)
    safe_yaml (0.9.7)
    simplecov (0.8.2)
      docile (~> 1.1.0)
      multi_json
      simplecov-html (~> 0.8.0)
    simplecov-html (0.8.0)
    slop (3.4.7)
    sprockets (2.10.0)
      hike (~> 1.2)
      multi_json (~> 1.0)
      rack (~> 1.0)
      tilt (~> 1.1, != 1.3.0)
    sprockets-rails (2.0.1)
      actionpack (>= 3.0)
      activesupport (>= 3.0)
      sprockets (~> 2.8)
    subexec (0.2.3)
    term-ansicolor (1.2.2)
      tins (~> 0.8)
    thor (0.18.1)
    thread_safe (0.1.3)
      atomic
    tilt (1.4.1)
    tins (0.13.1)
    treetop (1.4.15)
      polyglot
      polyglot (>= 0.3.1)
    tzinfo (0.3.38)
    unicorn (4.7.0)
      kgio (~> 2.6)
      rack
      raindrops (~> 0.7)
    xpath (2.0.0)
      nokogiri (~> 1.3)

PLATFORMS
  ruby

DEPENDENCIES
  better_errors
  binding_of_caller
  capybara
  cavy!
  coveralls
  database_cleaner
  factory_girl_rails
  jquery-ui-rails (~> 4.2.0)
  launchy
  meta_request
  mongoid (>= 4.0.0.beta1)
  pry
  puma
  rails (>= 4.0.1)
  rspec-rails (= 2.13.2)
  simplecov
  therubyrhino
  unicorn
